NUGET
  remote: https://www.nuget.org/api/v2
    FAKE (4.61.1)
GITHUB
  remote: Ionide/ionide-vscode-helpers
    Fable.Import.VSCode.fs (00f13f6336bf67b5cb1ced243fd028857a64afea)